GEM
  remote: http://gems.github.com/
  remote: http://rubygems.org/
  specs:
    RedCloth (4.3.2)
    builder (3.2.3)
    classifier (1.3.4)
      fast-stemmer (>= 1.0.0)
    directory_watcher (1.5.1)
    excon (0.25.3)
    fast-stemmer (1.0.2)
    fog (1.14.0)
      builder
      excon (~> 0.25.0)
      formatador (~> 0.2.0)
      mime-types
      multi_json (~> 1.0)
      net-scp (~> 1.1)
      net-ssh (>= 2.1.3)
      nokogiri (~> 1.5)
      ruby-hmac
    formatador (0.2.5)
    jruby-openssl (0.9.19-java)
    liquid (4.0.0)
    maruku (0.7.3)
    mime-types (3.1)
      mime-types-data (~> 3.2015)
    mime-types-data (3.2016.0521)
    mini_portile2 (2.1.0)
    mojombo-jekyll (0.5.4)
      RedCloth (>= 4.2.1)
      classifier (>= 1.3.1)
      directory_watcher (>= 1.1.1)
      liquid (>= 1.9.0)
      maruku (>= 0.5.9)
      open4 (>= 0.9.6)
    multi_json (1.12.1)
    net-scp (1.2.1)
      net-ssh (>= 2.6.5)
    net-ssh (4.0.1)
    nokogiri (1.7.0.1)
      mini_portile2 (~> 2.1.0)
    nokogiri (1.7.0.1-java)
    open4 (1.3.4)
    rack (1.4.7)
    rake (12.0.0)
    request-log-analyzer (1.13.4)
    ruby-hmac (0.4.0)

PLATFORMS
  java
  ruby

DEPENDENCIES
  fog (~> 1.14.0)
  jruby-openssl
  mojombo-jekyll
  rack (~> 1.4.6)
  rake
  request-log-analyzer

BUNDLED WITH
   1.13.6
